GEM
  remote: https://rubygems.org/
  specs:
    diff-lcs (1.1.3)
    multi_json (1.6.1)
    redcarpet (2.1.1)
    rspec (2.12.0)
      rspec-core (~> 2.12.0)
      rspec-expectations (~> 2.12.0)
      rspec-mocks (~> 2.12.0)
    rspec-core (2.12.2)
    rspec-expectations (2.12.1)
      diff-lcs (~> 1.1.3)
    rspec-mocks (2.12.0)
    simplecov (0.7.1)
      multi_json (~> 1.0)
      simplecov-html (~> 0.7.1)
    simplecov-html (0.7.1)
    yard (0.8.3)

PLATFORMS
  ruby

DEPENDENCIES
  redcarpet
  rspec
  simplecov
  yard
